PATH
  remote: .
  specs:
    gql (0.1.0)

GEM
  remote: https://rubygems.org/
  specs:
    ansi (1.5.0)
    builder (3.2.3)
    coderay (1.1.2)
    coveralls (0.7.2)
      multi_json (~> 1.3)
      rest-client (= 1.6.7)
      simplecov (>= 0.7)
      term-ansicolor (= 1.2.2)
      thor (= 0.18.1)
    docile (1.3.2)
    json (2.2.0)
    method_source (0.9.2)
    mime-types (3.3)
      mime-types-data (~> 3.2015)
    mime-types-data (3.2019.1009)
    minitest (5.13.0)
    minitest-focus (1.1.2)
      minitest (>= 4, < 6)
    minitest-reporters (1.4.2)
      ansi
      builder
      minitest (>= 5.0)
      ruby-progressbar
    multi_json (1.14.1)
    pry (0.12.2)
      coderay (~> 1.1.0)
      method_source (~> 0.9.0)
    rake (10.5.0)
    rest-client (1.6.7)
      mime-types (>= 1.16)
    ruby-progressbar (1.10.1)
    simplecov (0.17.1)
      docile (~> 1.1)
      json (>= 1.8, < 3)
      simplecov-html (~> 0.10.0)
    simplecov-console (0.6.0)
      ansi
      simplecov
      terminal-table
    simplecov-html (0.10.2)
    term-ansicolor (1.2.2)
      tins (~> 0.8)
    terminal-table (1.8.0)
      unicode-display_width (~> 1.1, >= 1.1.1)
    thor (0.18.1)
    tins (0.13.2)
    unicode-display_width (1.6.0)

PLATFORMS
  ruby

DEPENDENCIES
  bundler (~> 2.0)
  coveralls
  gql!
  minitest (~> 5.0)
  minitest-focus (~> 1.1)
  minitest-reporters (~> 1.4)
  pry (~> 0.12.2)
  rake (~> 10.0)
  simplecov
  simplecov-console

BUNDLED WITH
   2.0.2
